PATH
  remote: .
  specs:
    questinnet (0.0.7)
      nori (~> 2)

GEM
  remote: https://rubygems.org/
  specs:
    nori (2.3.0)
    rake (10.1.1)
    testftpd (0.2.1)
    vcr (2.7.0)

PLATFORMS
  ruby

DEPENDENCIES
  bundler (~> 1.3)
  questinnet!
  rake
  testftpd (~> 0.2, >= 0.2.1)
  vcr
